GIT
  remote: https://github.com/cyu/rack-cors.git
  revision: 51f5c534d968d8ed89ae25f4aa4e93d16cc115f1
  ref: 51f5c534d968d8ed89ae25f4aa4e93d16cc115f1
  specs:
    rack-cors (1.0.2)

GEM
  remote: https://rubygems.org/
  specs:
    activesupport (5.2.1)
      concurrent-ruby (~> 1.0, >= 1.0.2)
      i18n (>= 0.7, < 2)
      minitest (~> 5.1)
      tzinfo (~> 1.1)
    addressable (2.6.0)
      public_suffix (>= 2.0.2, < 4.0)
    ast (2.4.0)
    concurrent-ruby (1.0.5)
    daemons (1.2.6)
    diff-lcs (1.3)
    docile (1.3.1)
    dotenv (2.5.0)
    ethon (0.11.0)
      ffi (>= 1.3.0)
    europeana-api (1.1.0)
      activesupport (>= 4.2, < 6.0)
      faraday (~> 0.9, < 0.12.2)
      faraday_middleware
      iso-639 (~> 0.2.5)
      multi_json (~> 1.0)
      rack (> 1.6.2)
      typhoeus (~> 1.1)
    faraday (0.12.1)
      multipart-post (>= 1.2, < 3)
    faraday_middleware (0.12.2)
      faraday (>= 0.7.4, < 1.0)
    ffi (1.9.25)
    foreman (0.85.0)
      thor (~> 0.19.1)
    http_logger (0.5.1)
    i18n (1.1.0)
      concurrent-ruby (~> 1.0)
    iso-639 (0.2.8)
    jaro_winkler (1.5.1)
    json (2.1.0)
    mime-types (3.1)
      mime-types-data (~> 3.2015)
    mime-types-data (3.2016.0521)
    minitest (5.11.3)
    multi_json (1.13.1)
    multipart-post (2.0.0)
    nio4r (2.5.8)
    parallel (1.12.1)
    parser (2.5.1.2)
      ast (~> 2.4.0)
    powerpack (0.1.2)
    public_suffix (3.1.1)
    puma (4.3.11)
      nio4r (~> 2.0)
    rack (2.0.7)
    rack-proxy (0.6.4)
      rack
    rack-test (1.1.0)
      rack (>= 1.0, < 3)
    rainbow (3.0.0)
    rake (12.3.1)
    roda (3.11.0)
      rack
    rspec (3.8.0)
      rspec-core (~> 3.8.0)
      rspec-expectations (~> 3.8.0)
      rspec-mocks (~> 3.8.0)
    rspec-core (3.8.0)
      rspec-support (~> 3.8.0)
    rspec-expectations (3.8.1)
      diff-lcs (>= 1.2.0, < 2.0)
      rspec-support (~> 3.8.0)
    rspec-mocks (3.8.0)
      diff-lcs (>= 1.2.0, < 2.0)
      rspec-support (~> 3.8.0)
    rspec-support (3.8.0)
    rubocop (0.58.2)
      jaro_winkler (~> 1.5.1)
      parallel (~> 1.10)
      parser (>= 2.5, != 2.5.1.1)
      powerpack (~> 0.1)
      rainbow (>= 2.2.2, < 4.0)
      ruby-progressbar (~> 1.7)
      unicode-display_width (~> 1.0, >= 1.0.1)
    ruby-progressbar (1.10.0)
    simplecov (0.16.1)
      docile (~> 1.1)
      json (>= 1.8, < 3)
      simplecov-html (~> 0.10.0)
    simplecov-html (0.10.2)
    thor (0.19.4)
    thread_safe (0.3.6)
    typhoeus (1.3.0)
      ethon (>= 0.9.0)
    tzinfo (1.2.5)
      thread_safe (~> 0.1)
    unicode-display_width (1.4.0)

PLATFORMS
  ruby

DEPENDENCIES
  activesupport
  addressable
  daemons
  dotenv
  europeana-api
  foreman
  http_logger
  mime-types
  puma
  rack
  rack-cors!
  rack-proxy
  rack-test
  rake
  roda
  rspec
  rubocop (~> 0.53)
  simplecov

BUNDLED WITH
   2.0.1
